GEM
  remote: https://rubygems.org/
  specs:
    addressable (2.4.0)
    backports (3.15.0)
    ethon (0.12.0)
      ffi (>= 1.3.0)
    faraday (0.15.4)
      multipart-post (>= 1.2, < 3)
    faraday_middleware (0.13.1)
      faraday (>= 0.7.4, < 1.0)
    ffi (1.11.1)
    gem-browse (1.0.0)
    gh (0.15.1)
      addressable (~> 2.4.0)
      backports
      faraday (~> 0.8)
      multi_json (~> 1.0)
      net-http-persistent (~> 2.9)
      net-http-pipeline
    highline (1.7.10)
    json (2.2.0)
    launchy (2.4.3)
      addressable (~> 2.3)
    msgpack (1.3.0)
    multi_json (1.13.1)
    multipart-post (2.1.1)
    neovim (0.8.1)
      msgpack (~> 1.1)
      multi_json (~> 1.0)
    net-http-persistent (2.9.4)
    net-http-pipeline (1.0.1)
    puppet-lint (2.3.6)
    pusher-client (0.6.2)
      json
      websocket (~> 1.0)
    sorbet (0.4.4295)
      sorbet-static (= 0.4.4295)
    sorbet-runtime (0.4.4295)
    sorbet-static (0.4.4295-universal-darwin-14)
    travis (1.8.10)
      backports
      faraday (~> 0.9)
      faraday_middleware (~> 0.9, >= 0.9.1)
      gh (~> 0.13)
      highline (~> 1.6)
      launchy (~> 2.1)
      pusher-client (~> 0.4)
      typhoeus (~> 0.6, >= 0.6.8)
    travis-lint (2.0.0)
      json
    typhoeus (0.8.0)
      ethon (>= 0.8.0)
    websocket (1.2.8)

PLATFORMS
  ruby

DEPENDENCIES
  gem-browse
  neovim
  puppet-lint
  sorbet
  sorbet-runtime
  travis
  travis-lint

BUNDLED WITH
   2.0.2
